GEM
  remote: http://rubygems.org/
  specs:
    adsf (1.1.1)
      rack (>= 1.0.0)
    builder (3.2.0)
    classifier (1.3.3)
      fast-stemmer (>= 1.0.0)
    coderay (1.0.9)
    colored (1.2)
    cri (2.3.0)
      colored (>= 1.2)
    fast-stemmer (1.0.2)
    git (1.2.5)
    haml (4.0.0)
      tilt
    json (1.7.7)
    kramdown (0.14.2)
    maruku (0.6.1)
      syntax (>= 1.0.0)
    mime-types (1.21)
    nanoc (3.6.1)
      cri (~> 2.3)
    nanoc-git (0.0.7)
      git (>= 1.2.5)
      nanoc (>= 3.1.6)
    nokogiri (1.5.6)
    rack (1.5.2)
    rake (10.0.3)
    sass (3.2.6)
    syntax (1.0.0)
    tilt (1.3.4)
    w3c_validators (1.2)
      json
      nokogiri

PLATFORMS
  ruby

DEPENDENCIES
  adsf
  builder
  classifier
  coderay
  git
  haml
  kramdown
  maruku
  mime-types
  nanoc
  nanoc-git
  rake
  sass
  w3c_validators
